GEM
  remote: http://rubygems.org/
  specs:
    bson (1.6.0)
    bson_ext (1.6.0)
      bson (= 1.6.0)
    json (1.6.5)
    mongo (1.6.0)
      bson (= 1.6.0)

PLATFORMS
  ruby

DEPENDENCIES
  bson_ext (= 1.6.0)
  json (= 1.6.5)
  mongo (= 1.6.0)
